{
  "Modality": "MR",
  "MagneticFieldStrength": 3,
  "ImagingFrequency": 123.262,
  "Manufacturer": "Siemens",
  "ManufacturersModelName": "MAGNETOM Prisma Fit",
  "InstitutionName": "NU Tuna",
  "InstitutionAddress": "Fairbanks 710,Chicago ,Chicago,US,60611",
  "DeviceSerialNumber": "67034",
  "StationName": "MRC35427",
  "BodyPartExamined": "BRAIN",
  "PatientPosition": "HFS",
  "SoftwareVersions": "syngo MR XA30",
  "MRAcquisitionType": "2D",
  "SeriesDescription": "REST_m3MB4_TE15_38_62_60slc_2iso_TR1pt5s",
  "ProtocolName": "REST_m3MB4_TE15_38_62_60slc_2iso_TR1pt5s",
  "ScanningSequence": "EP",
  "SequenceVariant": "SK\\SS",
  "ScanOptions": "PFP\\FS",
  "PulseSequenceName": "epfid2d3_104",
  "ImageType": [
    "ORIGINAL",
    "PRIMARY",
    "FMRI",
    "NONE"
  ],
  "ImageTypeText": [
    "ORIGINAL",
    "PRIMARY",
    "M",
    "MB",
    "TE3",
    "ND",
    "NORM"
  ],
  "NonlinearGradientCorrection": false,
  "SeriesNumber": 3,
  "AcquisitionTime": "10:01:38.590000",
  "AcquisitionNumber": 1,
  "ImageComments": "Project:NODEAP, Unaliased MB4/PE4/LB SENSE1",
  "SliceThickness": 2,
  "SpacingBetweenSlices": 2,
  "EchoNumber": 3,
  "EchoTime": 0.06348,
  "RepetitionTime": 1.5,
  "MTState": false,
  "FlipAngle": 72,
  "PartialFourier": 0.75,
  "BaseResolution": 104,
  "ShimSetting": [
    2647,
    5395,
    -7388,
    284,
    -1,
    -449,
    -9,
    -315
  ],
  "TxRefAmp": 279.002,
  "PhaseResolution": 1,
  "ReceiveCoilName": "HeadNeck_64",
  "ReceiveCoilActiveElements": "HC1-7;NC1",
  "CoilString": "HeadNeck_64",
  "PulseSequenceDetails": "%CustomerSeq%\\cmrr_mbep2d_bold",
  "WipMemBlock": "07e4bb9b-04ae-4c0d-b4e8-8fe96ab3a0b5||Sequence: R017 nxva30a/master r/e4e260217; Mar 27 2023 19:45:08 by eja",
  "RefLinesPE": 28,
  "CoilCombinationMethod": "Sum of Squares",
  "MatrixCoilMode": "GRAPPA",
  "MultibandAccelerationFactor": 4,
  "PercentPhaseFOV": 100,
  "PercentSampling": 100,
  "EchoTrainLength": 40,
  "PartialFourierDirection": "PHASE",
  "AcquisitionMatrixPE": 104,
  "ReconMatrixPE": 104,
  "BandwidthPerPixelPhaseEncode": 33.156,
  "ParallelReductionFactorInPlane": 2,
  "ParallelAcquisitionTechnique": "GRAPPA",
  "EffectiveEchoSpacing": 0.000290004,
  "DerivedVendorReportedEchoSpacing": 0.000580009,
  "TotalReadoutTime": 0.0298704,
  "PixelBandwidth": 2289,
  "DwellTime": 2.1e-06,
  "PhaseEncodingDirection": "j-",
  "SliceTiming": [
    0,
    0.79,
    0.1,
    0.8875,
    0.1975,
    0.9875,
    0.2975,
    1.085,
    0.395,
    1.185,
    0.495,
    1.2825,
    0.5925,
    1.3825,
    0.6925,
    0,
    0.79,
    0.1,
    0.8875,
    0.1975,
    0.9875,
    0.2975,
    1.085,
    0.395,
    1.185,
    0.495,
    1.2825,
    0.5925,
    1.3825,
    0.6925,
    0,
    0.79,
    0.1,
    0.8875,
    0.1975,
    0.9875,
    0.2975,
    1.085,
    0.395,
    1.185,
    0.495,
    1.2825,
    0.5925,
    1.3825,
    0.6925,
    0,
    0.79,
    0.1,
    0.8875,
    0.1975,
    0.9875,
    0.2975,
    1.085,
    0.395,
    1.185,
    0.495,
    1.2825,
    0.5925,
    1.3825,
    0.6925
  ],
  "ImageOrientationPatientDICOM": [
    1,
    1.12354e-08,
    4.06217e-08,
    1.12354e-08,
    0.857873,
    -0.513862
  ],
  "InPlanePhaseEncodingDirectionDICOM": "COL",
  "ConversionSoftware": "dcm2niix",
  "ConversionSoftwareVersion": "v1.0.20220720"
}