{
  "Modality": "MR",
  "MagneticFieldStrength": 3,
  "ImagingFrequency": 123.263,
  "Manufacturer": "Siemens",
  "ManufacturersModelName": "MAGNETOM Prisma Fit",
  "InstitutionName": "NU Tuna",
  "InstitutionAddress": "Fairbanks 710,Chicago ,Chicago,US,60611",
  "DeviceSerialNumber": "67034",
  "StationName": "MRC35427",
  "BodyPartExamined": "BRAIN",
  "PatientPosition": "HFS",
  "SoftwareVersions": "syngo MR XA30",
  "MRAcquisitionType": "2D",
  "SeriesDescription": "REST_m3MB4_TE15_38_62_60slc_2iso_TR1pt5s",
  "ProtocolName": "REST_m3MB4_TE15_38_62_60slc_2iso_TR1pt5s",
  "ScanningSequence": "EP",
  "SequenceVariant": "SK\\SS",
  "ScanOptions": "PFP\\FS",
  "PulseSequenceName": "epfid2d3_104",
  "ImageType": [
    "ORIGINAL",
    "PRIMARY",
    "FMRI",
    "NONE"
  ],
  "ImageTypeText": [
    "ORIGINAL",
    "PRIMARY",
    "M",
    "MB",
    "TE3",
    "ND",
    "NORM"
  ],
  "NonlinearGradientCorrection": false,
  "SeriesNumber": 3,
  "AcquisitionTime": "10:09:3.452500",
  "AcquisitionNumber": 1,
  "ImageComments": "Project:NODEAP, Unaliased MB4/PE4/LB SENSE1",
  "SliceThickness": 2,
  "SpacingBetweenSlices": 2,
  "EchoNumber": 3,
  "EchoTime": 0.06348,
  "RepetitionTime": 1.5,
  "MTState": false,
  "FlipAngle": 72,
  "PartialFourier": 0.75,
  "BaseResolution": 104,
  "ShimSetting": [
    2642,
    5324,
    -7357,
    379,
    3,
    -719,
    -5,
    -245
  ],
  "TxRefAmp": 252.983,
  "PhaseResolution": 1,
  "ReceiveCoilName": "HeadNeck_64",
  "ReceiveCoilActiveElements": "HC1-7;NC1",
  "CoilString": "HeadNeck_64",
  "PulseSequenceDetails": "%CustomerSeq%\\cmrr_mbep2d_bold",
  "WipMemBlock": "84c69369-1686-4ea5-b2e7-b12bcc3b5199||Sequence: R017 nxva30a/master r/e4e260217; Mar 27 2023 19:45:08 by eja",
  "RefLinesPE": 28,
  "CoilCombinationMethod": "Sum of Squares",
  "MatrixCoilMode": "GRAPPA",
  "MultibandAccelerationFactor": 4,
  "PercentPhaseFOV": 100,
  "PercentSampling": 100,
  "EchoTrainLength": 40,
  "PartialFourierDirection": "PHASE",
  "AcquisitionMatrixPE": 104,
  "ReconMatrixPE": 104,
  "BandwidthPerPixelPhaseEncode": 33.156,
  "ParallelReductionFactorInPlane": 2,
  "ParallelAcquisitionTechnique": "GRAPPA",
  "EffectiveEchoSpacing": 0.000290004,
  "DerivedVendorReportedEchoSpacing": 0.000580009,
  "TotalReadoutTime": 0.0298704,
  "PixelBandwidth": 2289,
  "DwellTime": 2.1e-06,
  "PhaseEncodingDirection": "j-",
  "SliceTiming": [
    0,
    0.79,
    0.0975,
    0.8875,
    0.1975,
    0.9875,
    0.295,
    1.085,
    0.395,
    1.1825,
    0.4925,
    1.2825,
    0.5925,
    1.38,
    0.69,
    0,
    0.79,
    0.0975,
    0.8875,
    0.1975,
    0.9875,
    0.295,
    1.085,
    0.395,
    1.1825,
    0.4925,
    1.2825,
    0.5925,
    1.38,
    0.69,
    0,
    0.79,
    0.0975,
    0.8875,
    0.1975,
    0.9875,
    0.295,
    1.085,
    0.395,
    1.1825,
    0.4925,
    1.2825,
    0.5925,
    1.38,
    0.69,
    0,
    0.79,
    0.0975,
    0.8875,
    0.1975,
    0.9875,
    0.295,
    1.085,
    0.395,
    1.1825,
    0.4925,
    1.2825,
    0.5925,
    1.38,
    0.69
  ],
  "ImageOrientationPatientDICOM": [
    1,
    5.55538e-09,
    2.0328e-08,
    5.55538e-09,
    0.861009,
    -0.50859
  ],
  "InPlanePhaseEncodingDirectionDICOM": "COL",
  "ConversionSoftware": "dcm2niix",
  "ConversionSoftwareVersion": "v1.0.20220720"
}