{
	"Modality": "MR",
	"MagneticFieldStrength": 3,
	"ImagingFrequency": 123.261,
	"Manufacturer": "Siemens",
	"ManufacturersModelName": "Prisma_fit",
	"InstitutionName": "NU Tarpon",
	"InstitutionalDepartmentName": "RESEARCH",
	"InstitutionAddress": "ST. CLAIR 715,CHICAGO,CHICAGO,US,60611",
	"DeviceSerialNumber": "167018",
	"StationName": "MRC35013",
	"BodyPartExamined": "BRAIN",
	"PatientPosition": "HFS",
	"ProcedureStepDescription": "FMRI_STUDIES^ZELANO",
	"SoftwareVersions": "syngo MR E11",
	"MRAcquisitionType": "2D",
	"SeriesDescription": "REST_ME3",
	"ProtocolName": "REST_ME3",
	"ScanningSequence": "EP",
	"SequenceVariant": "SK\\SS",
	"ScanOptions": "PFP\\FS\\EXT",
	"SequenceName": "epfid2d3_104",
	"ImageType": ["ORIGINAL", "PRIMARY", "M", "MB", "TE2", "ND", "NORM", "MOSAIC"],
	"NonlinearGradientCorrection": false,
	"SeriesNumber": 6,
	"AcquisitionTime": "08:00:15.675000",
	"AcquisitionNumber": 1,
	"ImageComments": "Unaliased MB4/PE4/LB SENSE1",
	"SliceThickness": 2,
	"SpacingBetweenSlices": 2,
	"SAR": 0.0704808,
	"EchoNumber": 2,
	"EchoTime": 0.0382,
	"RepetitionTime": 1.5,
	"FlipAngle": 72,
	"PartialFourier": 0.75,
	"BaseResolution": 104,
	"ShimSetting": [
		865,
		-7289,
		-4768,
		445,
		-3,
		-418,
		-34,
		6	],
	"TxRefAmp": 229.563,
	"PhaseResolution": 1,
	"ReceiveCoilName": "HeadNeck_64",
	"ReceiveCoilActiveElements": "HC1-7;NC1,2",
	"PulseSequenceDetails": "%CustomerSeq%\\cmrr_mbep2d_bold",
	"WipMemBlock": "099b31df-39b5-4f42-998d-5a0105ed7891||Sequence: R016 ve11c/master r/e634e98; Dec 19 2017 11:00:25 by eja",
	"RefLinesPE": 28,
	"CoilCombinationMethod": "Sum of Squares",
	"ConsistencyInfo": "N4_VE11C_LATEST_20160120",
	"MatrixCoilMode": "GRAPPA",
	"MultibandAccelerationFactor": 4,
	"PercentPhaseFOV": 100,
	"PercentSampling": 100,
	"EchoTrainLength": 40,
	"PhaseEncodingSteps": 80,
	"AcquisitionMatrixPE": 104,
	"ReconMatrixPE": 104,
	"BandwidthPerPixelPhaseEncode": 34.341,
	"ParallelReductionFactorInPlane": 2,
	"EffectiveEchoSpacing": 0.000279997,
	"DerivedVendorReportedEchoSpacing": 0.000559994,
	"TotalReadoutTime": 0.0288397,
	"PixelBandwidth": 2290,
	"DwellTime": 2.1e-06,
	"PhaseEncodingDirection": "j-",
	"SliceTiming": [
		0,
		0.7875,
		0.0975,
		0.8875,
		0.1975,
		0.985,
		0.295,
		1.085,
		0.395,
		1.1825,
		0.4925,
		1.2825,
		0.5925,
		1.38,
		0.69,
		0,
		0.7875,
		0.0975,
		0.8875,
		0.1975,
		0.985,
		0.295,
		1.085,
		0.395,
		1.1825,
		0.4925,
		1.2825,
		0.5925,
		1.38,
		0.69,
		0,
		0.7875,
		0.0975,
		0.8875,
		0.1975,
		0.985,
		0.295,
		1.085,
		0.395,
		1.1825,
		0.4925,
		1.2825,
		0.5925,
		1.38,
		0.69,
		0,
		0.7875,
		0.0975,
		0.8875,
		0.1975,
		0.985,
		0.295,
		1.085,
		0.395,
		1.1825,
		0.4925,
		1.2825,
		0.5925,
		1.38,
		0.69	],
	"ImageOrientationPatientDICOM": [
		0.999064,
		-0.0333384,
		0.0275561,
		0.0415238,
		0.917605,
		-0.39532	],
	"ImageOrientationText": "Tra>Cor(-23.3)>Sag(0.7)",
	"InPlanePhaseEncodingDirectionDICOM": "COL",
	"ConversionSoftware": "dcm2niix",
	"ConversionSoftwareVersion": "v1.0.20220720"
}
