{
	"Modality": "MR",
	"MagneticFieldStrength": 3,
	"ImagingFrequency": 123.262,
	"Manufacturer": "Siemens",
	"ManufacturersModelName": "MAGNETOM Prisma Fit",
	"InstitutionName": "NU Tuna",
	"InstitutionAddress": "Fairbanks 710,Chicago ,Chicago,US,60611",
	"DeviceSerialNumber": "67034",
	"StationName": "MRC35427",
	"BodyPartExamined": "BRAIN",
	"PatientPosition": "HFS",
	"SoftwareVersions": "syngo MR XA30",
	"MRAcquisitionType": "2D",
	"SeriesDescription": "REST_m3MB4_TE15_38_62_60slc_2iso_TR1pt5s",
	"ProtocolName": "REST_m3MB4_TE15_38_62_60slc_2iso_TR1pt5s",
	"ScanningSequence": "GR\\EP",
	"SequenceVariant": "SK",
	"ScanOptions": "PFP\\FS\\PER",
	"SequenceName": "epfid2d3_104",
	"ImageType": ["ORIGINAL", "PRIMARY", "M", "MB", "TE1", "ND", "NORM", "MFSPLIT"],
	"ImageTypeText": ["ORIGINAL", "PRIMARY", "FMRI", "NONE"],
	"NonlinearGradientCorrection": false,
	"SeriesNumber": 3001,
	"AcquisitionTime": "13:40:1.537500",
	"AcquisitionNumber": 1,
	"ImageComments": "Project:NODEAP, Unaliased MB4/PE4/LB SENSE1",
	"SliceThickness": 2,
	"SpacingBetweenSlices": 2,
	"SAR": 0.102439,
	"EchoNumber": 1,
	"EchoTime": 0.0146,
	"RepetitionTime": 1.5,
	"FlipAngle": 72,
	"PartialFourier": 0.75,
	"BaseResolution": 104,
	"ShimSetting": [
		2655,
		5281,
		-7355,
		700,
		-40,
		-910,
		41,
		-229	],
	"TxRefAmp": 211.294,
	"PhaseResolution": 1,
	"ReceiveCoilName": "HeadNeck_64",
	"ReceiveCoilActiveElements": "HC1-7;NC1",
	"CoilString": "HeadNeck_64",
	"PulseSequenceDetails": "%CustomerSeq%\\cmrr_mbep2d_bold",
	"WipMemBlock": "0365fece-2c38-466a-9bb3-f777410ea8e9||Sequence: R017 nxva30a/master r/d34922cc2+; Jun 27 2022 13:20:16 by eja",
	"RefLinesPE": 28,
	"CoilCombinationMethod": "Sum of Squares",
	"MatrixCoilMode": "GRAPPA",
	"PercentPhaseFOV": 100,
	"PercentSampling": 100,
	"EchoTrainLength": 40,
	"PhaseEncodingSteps": 104,
	"AcquisitionMatrixPE": 104,
	"ReconMatrixPE": 104,
	"BandwidthPerPixelPhaseEncode": 33.156,
	"ParallelReductionFactorInPlane": 2,
	"EffectiveEchoSpacing": 0.000290004,
	"DerivedVendorReportedEchoSpacing": 0.000580009,
	"TotalReadoutTime": 0.0298704,
	"PixelBandwidth": 2289,
	"DwellTime": 2.1e-06,
	"PhaseEncodingDirection": "j-",
	"SliceTiming": [
		0,
		0.7875,
		0.0975,
		0.8875,
		0.1975,
		0.985,
		0.295,
		1.085,
		0.395,
		1.1825,
		0.4925,
		1.2825,
		0.5925,
		1.38,
		0.69,
		0,
		0.7875,
		0.0975,
		0.8875,
		0.1975,
		0.985,
		0.295,
		1.085,
		0.395,
		1.1825,
		0.4925,
		1.2825,
		0.5925,
		1.38,
		0.69,
		0,
		0.7875,
		0.0975,
		0.8875,
		0.1975,
		0.985,
		0.295,
		1.085,
		0.395,
		1.1825,
		0.4925,
		1.2825,
		0.5925,
		1.38,
		0.69,
		0,
		0.7875,
		0.0975,
		0.8875,
		0.1975,
		0.985,
		0.295,
		1.085,
		0.395,
		1.1825,
		0.4925,
		1.2825,
		0.5925,
		1.38,
		0.69	],
	"ImageOrientationPatientDICOM": [
		1,
		-1.52376e-08,
		-6.13565e-08,
		-1.52376e-08,
		0.883815,
		-0.467836	],
	"InPlanePhaseEncodingDirectionDICOM": "COL",
	"ConversionSoftware": "dcm2niix",
	"ConversionSoftwareVersion": "v1.0.20220720"
}
